GEM
  remote: http://rubygems.org/
  specs:
    rake (10.1.1)
    test-unit (2.5.5)

PLATFORMS
  ruby

DEPENDENCIES
  rake
  test-unit
